GEM
  remote: https://rubygems.org/
  specs:
    backports (3.3.5)
    dotenv (0.9.0)
    foreman (0.63.0)
      dotenv (>= 0.7)
      thor (>= 0.13.6)
    kgio (2.8.1)
    multi_json (1.8.2)
    newrelic_rpm (3.6.7.159)
    pg (0.17.0)
    rack (1.5.2)
    rack-protection (1.5.1)
      rack
    rack-test (0.6.2)
      rack (>= 1.0)
    raindrops (0.12.0)
    sinatra (1.4.4)
      rack (~> 1.4)
      rack-protection (~> 1.4)
      tilt (~> 1.3, >= 1.3.4)
    sinatra-contrib (1.4.1)
      backports (>= 2.0)
      multi_json
      rack-protection
      rack-test
      sinatra (~> 1.4.0)
      tilt (~> 1.3)
    sinatra-cross_origin (0.2.0)
    thor (0.18.1)
    tilt (1.4.1)
    unicorn (4.6.3)
      kgio (~> 2.6)
      rack
      raindrops (~> 0.7)

PLATFORMS
  ruby

DEPENDENCIES
  foreman (~> 0.63.0)
  newrelic_rpm
  pg (~> 0.17.0)
  sinatra (~> 1.4.4)
  sinatra-contrib (~> 1.4.1)
  sinatra-cross_origin (~> 0.2.0)
  unicorn (~> 4.6.3)
